GEM
  specs:

GEM
  remote: https://rubygems.org/
  specs:
    addressable (2.8.0)
      public_suffix (>= 2.0.2, < 5.0)
    awesome_print (1.9.2)
    byebug (11.1.3)
    diff-lcs (1.4.4)
    json-schema (2.8.1)
      addressable (>= 2.4)
    public_suffix (4.0.6)
    rspec (3.10.0)
      rspec-core (~> 3.10.0)
      rspec-expectations (~> 3.10.0)
      rspec-mocks (~> 3.10.0)
    rspec-core (3.10.1)
      rspec-support (~> 3.10.0)
    rspec-expectations (3.10.1)
      diff-lcs (>= 1.2.0, < 2.0)
      rspec-support (~> 3.10.0)
    rspec-mocks (3.10.2)
      diff-lcs (>= 1.2.0, < 2.0)
      rspec-support (~> 3.10.0)
    rspec-support (3.10.2)
    rubyzip (2.3.2)

PLATFORMS
  x86_64-darwin-19

DEPENDENCIES
  awesome_print!
  byebug!
  json-schema!
  rspec!
  rubyzip!

RUBY VERSION
   ruby 2.7.2p137

BUNDLED WITH
   2.2.28
